PATH
  remote: .
  specs:
    ruby-transmitsms (0.1.1)
      addressable (>= 2.2.4)
      json (>= 2.0.0)
      typhoeus (>= 0.2.1)

GEM
  remote: http://rubygems.org/
  specs:
    addressable (2.5.1)
      public_suffix (~> 2.0, >= 2.0.2)
    crack (0.4.3)
      safe_yaml (~> 1.0.0)
    diff-lcs (1.3)
    ethon (0.10.1)
      ffi (>= 1.3.0)
    ffi (1.9.18)
    hashdiff (0.3.2)
    json (2.1.0)
    power_assert (0.4.1)
    public_suffix (2.0.5)
    rspec (3.5.0)
      rspec-core (~> 3.5.0)
      rspec-expectations (~> 3.5.0)
      rspec-mocks (~> 3.5.0)
    rspec-core (3.5.4)
      rspec-support (~> 3.5.0)
    rspec-expectations (3.5.0)
      diff-lcs (>= 1.2.0, < 2.0)
      rspec-support (~> 3.5.0)
    rspec-mocks (3.5.0)
      diff-lcs (>= 1.2.0, < 2.0)
      rspec-support (~> 3.5.0)
    rspec-support (3.5.0)
    safe_yaml (1.0.4)
    test-unit (3.2.3)
      power_assert
    typhoeus (1.1.2)
      ethon (>= 0.9.0)
    vcr (3.0.3)
    webmock (3.0.1)
      addressable (>= 2.3.6)
      crack (>= 0.3.2)
      hashdiff

PLATFORMS
  ruby

DEPENDENCIES
  rspec (>= 2.5.0)
  rspec-mocks
  ruby-transmitsms!
  test-unit (>= 3.0.0)
  vcr (>= 2.9.3)
  webmock (>= 1.21.0)

BUNDLED WITH
   1.14.6
